{
	"TaskName": "Resting State",
	"Description": "Recording file of the epoched signal",
	"RecordingType": "epoched",
	"TaskDescription": "Sequence: 4 min alternating eyes closed/open (COCO: Closed-Open-Closed-Open), 8 min eyes closed (excluded from current dataset)",
	"RecordingDuration": 240,
	"SamplingFrequency": 128,
	"Manufacturer": "Biosemi",
	"CapManufacturer": "Biosemi",
	"ManufacturersModelName": "Biosemi ActiveTwo system",
	"CapManufacturersModelName": "CAP 128 ABCD system",
	"EEGPlacementScheme": "10-20",
	"EEGChannelCount": 128,
	"PowerLineFrequency": 60,
	"EEGReference": "Average reference (replaced failed earlobe reference)",
	"EEGGround": "gnd",
	"SoftwareFilters": {
		"FilterDescription": {
			"Description": [
				"Online filtering: 0.1-100 Hz bandpass"
			]
		}
	},
	"SubjectArtefactDescription": "Bad channel rejection: Flat signals > 5s, SD > 4, Correlation < 0.8 with neighbors",
	"SoftwareVersions": "MATLAB 2020a, EEGLAB toolbox",
	"ECGChannelCount": 3,
	"EMGChannelCount": 0,
	"EOGChannelCount": 2,
	"MiscChannelCount": 0,
	"TriggerChannelCount": 0,
	"EpochLength": 60,
	"InstitutionName": "Centro de Reeducación el Oasis (Soledad), Institución Universitaria de Barranquilla (Sede Soledad), Luz de Esperanza Foundation",
	"InstitutionalDepartmentName": "MAGMA Ingeniería research group, Hogares Claret foundation",
	"InstitutionAddress": "Soledad, Atlántico, Colombia"
}