{
	"TaskName": "Resting State",
	"Description": "Recording file of the preprocessed signal",
	"RecordingType": "continuous",
	"TaskDescription": "Recording during a resting state, while alternating periods of open and closed eyes",
	"RecordingDuration": 720,
	"SamplingFrequency": 128,
	"Manufacturer": "Biosemi",
	"CapManufacturer": "Biosemi",
	"ManufacturersModelName": "Biosemi ActiveTwo system",
	"CapManufacturersModelName": "CAP 128 ABCD system",
	"EEGPlacementScheme": "10-20",
	"EEGChannelCount": 128,
	"PowerLineFrequency": 60,
	"EEGReference": "Average reference (replaced failed earlobe reference)",
	"EEGGround": "gnd",
	"SoftwareFilters": {
		"FilterDescription": {
			"Description": [
				"Bandpass FIR: 1-40 Hz",
				"High-pass: 1 Hz (0.5 Hz cutoff, 425 points)",
				"Low-pass: 40 Hz (45 Hz cutoff, 45 points)"
			]
		}
	},
	"SubjectArtefactDescription": "Bad channel rejection: Flat signals > 5s, SD > 4, Correlation < 0.8 with neighbors",
	"SoftwareVersions": "MATLAB 2020a, EEGLAB toolbox",
	"ECGChannelCount": 3,
	"EMGChannelCount": 0,
	"EOGChannelCount": 2,
	"MiscChannelCount": 0,
	"TriggerChannelCount": 0,
	"EpochLength": 0,
	"InstitutionName": "Centro de Reeducación el Oasis (Soledad), Institución Universitaria de Barranquilla (Sede Soledad), Luz de Esperanza Foundation",
	"InstitutionalDepartmentName": "MAGMA Ingeniería research group, Hogares Claret foundation",
	"InstitutionAddress": "Soledad, Atlántico, Colombia"
}